GEM
  remote: http://rubygems.org/
  specs:
    actionmailer (2.3.10)
      actionpack (= 2.3.10)
    actionpack (2.3.10)
      activesupport (= 2.3.10)
      rack (~> 1.1.0)
    activerecord (2.3.10)
      activesupport (= 2.3.10)
    activeresource (2.3.10)
      activesupport (= 2.3.10)
    activesupport (2.3.10)
    addressable (2.2.6)
    bson (1.1.4)
    compass (0.10.5)
      haml (>= 3.0.4)
    compass-colors (0.3.1)
      compass (>= 0.8.7)
    dcu-devise (1.0.7)
      warden (~> 0.10.3)
    differ (0.1.1)
    fancy-buttons (0.5.5)
      compass (>= 0.10.0)
      haml (>= 3.0.2)
    faraday (0.4.6)
      addressable (>= 2.1.1)
      rack (>= 1.0.1)
    geoip (1.1.1)
    haml (3.1.1)
    jnunemaker-validatable (1.8.4)
      activesupport (>= 2.3.4)
    json (1.5.1)
    magent (0.4.2)
      mongo (>= 0.1.0)
      uuidtools (>= 2.0.0)
    mime-types (1.16)
    mongo (1.1.4)
      bson (>= 1.1.1)
    mongo_mapper (0.8.6)
      activesupport (>= 2.3.4)
      jnunemaker-validatable (~> 1.8.4)
      plucky (~> 0.3.6)
    mongomapper_ext (0.5.0)
      mongo_mapper (~> 0.8)
      uuidtools (>= 2.0.0)
    nokogiri (1.4.4)
    oauth (0.4.4)
    oauth2 (0.0.8)
      faraday (~> 0.4.1)
    plucky (0.3.6)
      mongo (~> 1.1)
    rack (1.1.2)
    rack-recaptcha (0.2.2)
      json
    rails (2.3.10)
      actionmailer (= 2.3.10)
      actionpack (= 2.3.10)
      activerecord (= 2.3.10)
      activeresource (= 2.3.10)
      activesupport (= 2.3.10)
      rake (>= 0.8.3)
    rake (0.8.7)
    rdiscount (1.6.5)
    ruby-openid (2.1.8)
    ruby-stemmer (0.9.1)
    sanitize (1.2.1)
      nokogiri (~> 1.4.1)
    super_exception_notifier (2.0.8)
      actionmailer
    twitter-text (1.1.1)
      actionpack
    twitter_oauth (0.4.3)
      json (>= 1.1.9)
      mime-types (>= 1.16)
      oauth (>= 0.4.1)
    uuidtools (2.1.1)
    warden (0.10.7)
      rack (>= 1.0.0)
    whatlanguage (1.0.0)

PLATFORMS
  ruby

DEPENDENCIES
  bson (= 1.1.4)
  compass (= 0.10.5)
  compass-colors (= 0.3.1)
  dcu-devise (= 1.0.7)
  differ (= 0.1.1)
  fancy-buttons (= 0.5.5)
  geoip
  jnunemaker-validatable (= 1.8.4)
  magent (= 0.4.2)
  mongo (= 1.1.4)
  mongo_mapper (= 0.8.6)
  mongomapper_ext (= 0.5.0)
  oauth2 (= 0.0.8)
  plucky (= 0.3.6)
  rack-recaptcha (= 0.2.2)
  rails (= 2.3.10)
  rdiscount (= 1.6.5)
  ruby-openid (>= 2.0.4)
  ruby-stemmer (>= 0.8.2)
  sanitize (= 1.2.1)
  super_exception_notifier (~> 2.0.0)
  twitter-text (= 1.1.1)
  twitter_oauth (= 0.4.3)
  uuidtools (= 2.1.1)
  warden
  whatlanguage (= 1.0.0)
